STORAGE: NONE
RESTRICTION: == net8.0
NUGET
  remote: https://api.nuget.org/v3/index.json
    Elmish.SweetAlert (3.4)
      Fable.Core (>= 3.1.3)
      Fable.Elmish (>= 3.0)
      FSharp.Core (>= 4.7.2)
    Expecto (9.0.4)
      FSharp.Core (>= 4.6)
      Mono.Cecil (>= 0.11.3)
    Fable.AST (4.3)
    Fable.Browser.Blob (1.3)
      Fable.Core (>= 3.0)
      FSharp.Core (>= 4.7.2)
    Fable.Browser.Dom (2.14)
      Fable.Browser.Blob (>= 1.3)
      Fable.Browser.Event (>= 1.5)
      Fable.Browser.WebStorage (>= 1.2)
      Fable.Core (>= 3.2.8)
      FSharp.Core (>= 4.7.2)
    Fable.Browser.Event (1.5)
      Fable.Browser.Gamepad (>= 1.1)
      Fable.Core (>= 3.0)
      FSharp.Core (>= 4.7.2)
    Fable.Browser.Gamepad (1.2)
      Fable.Core (>= 3.0)
      FSharp.Core (>= 4.7.2)
    Fable.Browser.WebStorage (1.2)
      Fable.Browser.Event (>= 1.5)
      Fable.Core (>= 3.0)
      FSharp.Core (>= 4.7.2)
    Fable.Browser.XMLHttpRequest (1.3)
      Fable.Browser.Blob (>= 1.3)
      Fable.Browser.Event (>= 1.5)
      Fable.Core (>= 3.0)
      FSharp.Core (>= 4.7.2)
    Fable.Core (4.2)
    Fable.Elmish (4.1)
      Fable.Core (>= 3.7.1)
      FSharp.Core (>= 4.7.2)
    Fable.Elmish.Debugger (4.0)
      Fable.Elmish (>= 4.0)
      FSharp.Core (>= 6.0.7)
      Thoth.Json (>= 6.0)
    Fable.Elmish.HMR (7.0)
      Fable.Core (>= 3.7.1)
      Fable.Elmish.React (>= 4.0)
      FSharp.Core (>= 4.7.2)
    Fable.Elmish.React (4.0)
      Fable.Elmish (>= 4.0)
      Fable.ReactDom.Types (>= 18.0)
      FSharp.Core (>= 4.7.2)
    Fable.FontAwesome (3.0)
      Fable.Core (>= 3.7.1)
      Fable.React (>= 9.2)
    Fable.FontAwesome.Free (3.0)
      Fable.Core (>= 3.7.1)
      Fable.FontAwesome (>= 3.0)
      Fable.React (>= 9.2)
    Fable.Mocha (2.17)
      Fable.Core (>= 3.0)
      FSharp.Core (>= 4.7)
    Fable.Parsimmon (4.1)
      Fable.Core (>= 3.0)
      FSharp.Core (>= 4.6.2)
    Fable.React (9.3)
      Fable.React.Types (>= 18.3)
      Fable.ReactDom.Types (>= 18.2)
      FSharp.Core (>= 4.7.2)
    Fable.React.Types (18.3)
      Fable.Browser.Dom (>= 2.4.4)
      Fable.Core (>= 3.2.7)
      FSharp.Core (>= 4.7.2)
    Fable.ReactDom.Types (18.2)
      Fable.React.Types (>= 18.3)
      FSharp.Core (>= 4.7.2)
    Fable.Remoting.Client (7.29)
      Fable.Browser.XMLHttpRequest (>= 1.0)
      Fable.Core (>= 3.1.5)
      Fable.Remoting.MsgPack (>= 1.21)
      Fable.SimpleJson (>= 3.24)
      FSharp.Core (>= 4.7.2)
    Fable.Remoting.Giraffe (5.17)
      Fable.Remoting.Server (>= 5.35)
      FSharp.Core (>= 6.0)
      Giraffe (>= 5.0)
      Microsoft.IO.RecyclableMemoryStream (>= 2.2)
    Fable.Remoting.Json (2.23)
      FSharp.Core (>= 6.0)
      Newtonsoft.Json (>= 12.0.2)
    Fable.Remoting.MsgPack (1.21)
      FSharp.Core (>= 4.7.2)
    Fable.Remoting.Server (5.35)
      Fable.Remoting.Json (>= 2.23)
      Fable.Remoting.MsgPack (>= 1.21)
      FSharp.Core (>= 6.0)
      Microsoft.IO.RecyclableMemoryStream (>= 2.2)
    Fable.SimpleJson (3.24)
      Fable.Core (>= 3.1.5)
      Fable.Parsimmon (>= 4.0)
      FSharp.Core (>= 4.7)
    Fake.Core.CommandLineParsing (6.0)
      FParsec (>= 1.1.1)
      FSharp.Core (>= 6.0.3)
    Fake.Core.Context (6.0)
      FSharp.Core (>= 6.0.3)
    Fake.Core.Environment (6.0)
      FSharp.Core (>= 6.0.3)
    Fake.Core.FakeVar (6.0)
      Fake.Core.Context (>= 6.0)
      FSharp.Core (>= 6.0.3)
    Fake.Core.Process (5.23.1)
      Fake.Core.Environment (>= 5.23.1)
      Fake.Core.FakeVar (>= 5.23.1)
      Fake.Core.String (>= 5.23.1)
      Fake.Core.Trace (>= 5.23.1)
      Fake.IO.FileSystem (>= 5.23.1)
      FSharp.Core (>= 6.0)
      System.Collections.Immutable (>= 5.0)
    Fake.Core.String (6.0)
      FSharp.Core (>= 6.0.3)
    Fake.Core.Target (5.23.1)
      Fake.Core.CommandLineParsing (>= 5.23.1)
      Fake.Core.Context (>= 5.23.1)
      Fake.Core.Environment (>= 5.23.1)
      Fake.Core.FakeVar (>= 5.23.1)
      Fake.Core.Process (>= 5.23.1)
      Fake.Core.String (>= 5.23.1)
      Fake.Core.Trace (>= 5.23.1)
      FSharp.Control.Reactive (>= 5.0.2)
      FSharp.Core (>= 6.0)
    Fake.Core.Trace (6.0)
      Fake.Core.Environment (>= 6.0)
      Fake.Core.FakeVar (>= 6.0)
      FSharp.Core (>= 6.0.3)
    Fake.IO.FileSystem (5.23.1)
      Fake.Core.String (>= 5.23.1)
      FSharp.Core (>= 6.0)
    Farmer (1.8)
      FSharp.Core (>= 5.0)
      System.Text.Json (>= 5.0)
    Feliz (2.7)
      Fable.ReactDom.Types (>= 18.2)
      Feliz.CompilerPlugins (>= 2.2)
      FSharp.Core (>= 4.7.2)
    Feliz.Bulma (3.0)
      Feliz (>= 2.4)
      FSharp.Core (>= 4.7.2)
    Feliz.CompilerPlugins (2.2)
      Fable.AST (>= 4.2.1)
      FSharp.Core (>= 4.7.2)
    Feliz.PigeonMaps (3.0)
      Feliz (>= 2.0)
      FSharp.Core (>= 4.7.2)
    Feliz.Recharts (4.2)
      Feliz (>= 2.3)
      FSharp.Core (>= 4.7.2)
    FParsec (1.1.1)
      FSharp.Core (>= 4.3.4)
    FSharp.Control.Reactive (5.0.5)
      FSharp.Core (>= 4.7.2)
      System.Reactive (>= 5.0 < 6.0)
    FSharp.Control.Websockets (0.2.3)
      FSharp.Core (>= 6.0)
      Microsoft.IO.RecyclableMemoryStream (>= 2.2.1)
    FSharp.Core (8.0.100)
    FSharp.Data (6.3)
      FSharp.Core (>= 5.0.1)
      FSharp.Data.Csv.Core (>= 6.3)
      FSharp.Data.Html.Core (>= 6.3)
      FSharp.Data.Http (>= 6.3)
      FSharp.Data.Json.Core (>= 6.3)
      FSharp.Data.Runtime.Utilities (>= 6.3)
      FSharp.Data.WorldBank.Core (>= 6.3)
      FSharp.Data.Xml.Core (>= 6.3)
    FSharp.Data.Csv.Core (6.3)
      FSharp.Core (>= 5.0.1)
      FSharp.Data.Runtime.Utilities (>= 6.3)
    FSharp.Data.Html.Core (6.3)
      FSharp.Core (>= 5.0.1)
      FSharp.Data.Csv.Core (>= 6.3)
      FSharp.Data.Runtime.Utilities (>= 6.3)
    FSharp.Data.Http (6.3)
      FSharp.Core (>= 5.0.1)
    FSharp.Data.Json.Core (6.3)
      FSharp.Core (>= 5.0.1)
      FSharp.Data.Http (>= 6.3)
      FSharp.Data.Runtime.Utilities (>= 6.3)
    FSharp.Data.Runtime.Utilities (6.3)
      FSharp.Core (>= 5.0.1)
      FSharp.Data.Http (>= 6.3)
    FSharp.Data.WorldBank.Core (6.3)
      FSharp.Core (>= 5.0.1)
      FSharp.Data.Http (>= 6.3)
      FSharp.Data.Json.Core (>= 6.3)
      FSharp.Data.Runtime.Utilities (>= 6.3)
    FSharp.Data.Xml.Core (6.3)
      FSharp.Core (>= 5.0.1)
      FSharp.Data.Http (>= 6.3)
      FSharp.Data.Json.Core (>= 6.3)
      FSharp.Data.Runtime.Utilities (>= 6.3)
    Fulma (3.0)
      Fable.Core (>= 3.7.1)
      Fable.React (>= 9.2)
    Giraffe (6.2)
      FSharp.Core (>= 6.0)
      Giraffe.ViewEngine (>= 1.4)
      Microsoft.IO.RecyclableMemoryStream (>= 2.2.1)
      Newtonsoft.Json (>= 13.0.3)
      System.Text.Json (>= 7.0.3)
    Giraffe.ViewEngine (1.4)
      FSharp.Core (>= 5.0)
    Microsoft.AspNetCore.Authentication.JwtBearer (8.0)
      Microsoft.IdentityModel.Protocols.OpenIdConnect (>= 7.0.3)
    Microsoft.IdentityModel.Abstractions (7.0.3)
    Microsoft.IdentityModel.JsonWebTokens (7.0.3)
      Microsoft.IdentityModel.Tokens (>= 7.0.3)
    Microsoft.IdentityModel.Logging (7.0.3)
      Microsoft.IdentityModel.Abstractions (>= 7.0.3)
    Microsoft.IdentityModel.Protocols (7.0.3)
      Microsoft.IdentityModel.Logging (>= 7.0.3)
      Microsoft.IdentityModel.Tokens (>= 7.0.3)
    Microsoft.IdentityModel.Protocols.OpenIdConnect (7.0.3)
      Microsoft.IdentityModel.Protocols (>= 7.0.3)
      System.IdentityModel.Tokens.Jwt (>= 7.0.3)
    Microsoft.IdentityModel.Tokens (7.0.3)
      Microsoft.IdentityModel.Logging (>= 7.0.3)
    Microsoft.IO.RecyclableMemoryStream (2.3.2)
    Mono.Cecil (0.11.5)
    Newtonsoft.Json (13.0.3)
    Saturn (0.16.1)
      FSharp.Control.Websockets (>= 0.2.2)
      Giraffe (>= 6.0)
      Microsoft.AspNetCore.Authentication.JwtBearer (>= 6.0.3)
    System.Collections.Immutable (8.0)
    System.IdentityModel.Tokens.Jwt (7.0.3)
      Microsoft.IdentityModel.JsonWebTokens (>= 7.0.3)
      Microsoft.IdentityModel.Tokens (>= 7.0.3)
    System.Reactive (5.0)
    System.Text.Encodings.Web (8.0)
    System.Text.Json (8.0)
      System.Text.Encodings.Web (>= 8.0)
    Thoth.Json (10.2)
      Fable.Core (>= 3.6.2)
      FSharp.Core (>= 4.7.2)
